GEM
  remote: https://rubygems.org/
  specs:
    json (1.6.6)
    mime-types (1.18)
    multipart-post (1.1.5)
    rest-client (1.6.7)
      mime-types (>= 1.16)
    ruby-hmac (0.4.0)

PLATFORMS
  ruby

DEPENDENCIES
  json
  multipart-post
  rest-client
  ruby-hmac
