GEM
  remote: https://rubygems.org/
  specs:
    coderay (1.1.0)
    json (1.6.6)
    method_source (0.8.2)
    mime-types (1.18)
    multipart-post (1.1.5)
    pry (0.10.1)
      coderay (~> 1.1.0)
      method_source (~> 0.8.1)
      slop (~> 3.4)
    rest-client (1.6.7)
      mime-types (>= 1.16)
    ruby-hmac (0.4.0)
    slop (3.6.0)

PLATFORMS
  ruby

DEPENDENCIES
  json
  multipart-post
  pry
  rest-client
  ruby-hmac
